PATH
  remote: .
  specs:
    vimeo_api_client (0.1.0)

GEM
  remote: https://rubygems.org/
  specs:
    minitest (5.8.5)
    rake (10.4.2)

PLATFORMS
  ruby

DEPENDENCIES
  bundler (~> 1.16)
  minitest (~> 5.0)
  rake (~> 10.0)
  vimeo_api_client!

BUNDLED WITH
   1.16.0
