PATH
  remote: .
  specs:
    vimeo_api_client (0.1.11)
      hashie
      httparty

GEM
  remote: https://rubygems.org/
  specs:
    addressable (2.8.6)
      public_suffix (>= 2.0.2, < 6.0)
    crack (0.4.5)
      rexml
    debug (1.9.1)
      irb (~> 1.10)
      reline (>= 0.3.8)
    diff-lcs (1.5.0)
    dotenv (2.8.1)
    hashdiff (1.1.0)
    hashie (3.5.6)
    httparty (0.15.6)
      multi_xml (>= 0.5.2)
    io-console (0.7.2)
    irb (1.11.1)
      rdoc
      reline (>= 0.4.2)
    multi_xml (0.6.0)
    psych (5.1.2)
      stringio
    public_suffix (5.0.4)
    rake (10.4.2)
    rdoc (6.6.2)
      psych (>= 4.0.0)
    reline (0.4.2)
      io-console (~> 0.5)
    rexml (3.2.6)
    rspec (3.12.0)
      rspec-core (~> 3.12.0)
      rspec-expectations (~> 3.12.0)
      rspec-mocks (~> 3.12.0)
    rspec-core (3.12.2)
      rspec-support (~> 3.12.0)
    rspec-expectations (3.12.3)
      diff-lcs (>= 1.2.0, < 2.0)
      rspec-support (~> 3.12.0)
    rspec-mocks (3.12.6)
      diff-lcs (>= 1.2.0, < 2.0)
      rspec-support (~> 3.12.0)
    rspec-support (3.12.1)
    stringio (3.1.0)
    vcr (6.2.0)
    webmock (3.19.1)
      addressable (>= 2.8.0)
      crack (>= 0.3.2)
      hashdiff (>= 0.4.0, < 2.0.0)

PLATFORMS
  ruby

DEPENDENCIES
  debug (~> 1.9)
  dotenv (~> 2.8)
  rake (~> 10.4)
  rspec (~> 3.12)
  vcr (~> 6.2)
  vimeo_api_client!
  webmock (~> 3.19)

BUNDLED WITH
   2.4.20
